GEM
  remote: https://rubygems.org/
  specs:
    CFPropertyList (2.3.6)
    facter (2.5.1)
      CFPropertyList (~> 2.2)
    facter (2.5.1-x86-mingw32)
      ffi (~> 1.9.5)
    fast_gettext (1.1.2)
    ffi (1.9.18-x86-mingw32)
    hiera (3.4.5)
    locale (2.1.2)
    minitar (0.6.1)
    multi_json (1.13.1)
    puppet (5.5.6)
      CFPropertyList (~> 2.2)
      facter (> 2.0.1, < 4)
      fast_gettext (~> 1.1.2)
      hiera (>= 3.2.1, < 4)
      locale (~> 2.1)
      multi_json (~> 1.10)
    puppet (5.5.6-x86-mingw32)
      facter (> 2.0.1, < 4)
      fast_gettext (~> 1.1.2)
      ffi (<= 1.9.18)
      hiera (>= 3.2.1, < 4)
      locale (~> 2.1)
      minitar (~> 0.6.1)
      multi_json (~> 1.10)
      win32-dir (= 0.4.9)
      win32-process (= 0.7.5)
      win32-security (= 0.2.5)
      win32-service (= 0.8.8)
    puppet-strings (2.1.0)
      rgen
      yard (~> 0.9.5)
    rdoc (6.0.4)
    rgen (0.8.2)
    win32-dir (0.4.9)
      ffi (>= 1.0.0)
    win32-process (0.7.5)
      ffi (>= 1.0.0)
    win32-security (0.2.5)
      ffi
    win32-service (0.8.8)
      ffi
    yard (0.9.16)

PLATFORMS
  ruby
  x86-mingw32

DEPENDENCIES
  puppet
  puppet-strings
  rdoc
  yard
