GEM
  remote: https://rubygems.org/
  specs:
    CFPropertyList (2.3.6)
    facter (2.5.1)
      CFPropertyList (~> 2.2)
    facter (2.5.1-x86-mingw32)
      ffi (~> 1.9.5)
    fast_gettext (1.1.0)
    ffi (1.9.25-x86-mingw32)
    gettext (3.2.6)
      locale (>= 2.0.5)
      text (>= 1.3.0)
    gettext-setup (0.29)
      fast_gettext (~> 1.1.0)
      gettext (>= 3.0.2)
      locale
    hiera (3.4.2)
    locale (2.1.2)
    minitar (0.6.1)
    puppet (5.3.3)
      CFPropertyList (~> 2.2)
      facter (> 2.0, < 4)
      gettext-setup (>= 0.10, < 1)
      hiera (>= 3.2.1, < 4)
      locale (~> 2.1)
    puppet (5.3.3-x86-mingw32)
      facter (> 2.0, < 4)
      ffi (~> 1.9.6)
      gettext-setup (>= 0.10, < 1)
      hiera (>= 3.2.1, < 4)
      locale (~> 2.1)
      minitar (~> 0.6.1)
      win32-dir (= 0.4.9)
      win32-process (= 0.7.5)
      win32-security (= 0.2.5)
      win32-service (= 0.8.8)
    puppet-strings (1.1.1)
      yard (~> 0.9.5)
    rdoc (6.0.1)
    text (1.3.1)
    win32-dir (0.4.9)
      ffi (>= 1.0.0)
    win32-process (0.7.5)
      ffi (>= 1.0.0)
    win32-security (0.2.5)
      ffi
    win32-service (0.8.8)
      ffi
    yard (0.9.12)

PLATFORMS
  ruby
  x86-mingw32

DEPENDENCIES
  puppet
  puppet-strings
  rdoc
  yard

BUNDLED WITH
   1.16.6
