GEM
  remote: https://rubygems.org/
  specs:
    facter (2.5.1-x64-mingw32)
      ffi (~> 1.9.5)
    facter (2.5.1-x86-mingw32)
      ffi (~> 1.9.5)
    fast_gettext (1.1.2)
    ffi (1.9.25-x64-mingw32)
    ffi (1.9.25-x86-mingw32)
    hiera (3.5.0)
    hocon (1.2.5)
    httpclient (2.8.3)
    locale (2.1.2)
    minitar (0.6.1)
    multi_json (1.13.1)
    puppet (6.1.0-x64-mingw32)
      facter (> 2.0.1, < 4)
      fast_gettext (~> 1.1.2)
      ffi (~> 1.9.25)
      hiera (>= 3.2.1, < 4)
      httpclient (~> 2.8)
      locale (~> 2.1)
      minitar (~> 0.6.1)
      multi_json (~> 1.10)
      puppet-resource_api (~> 1.5)
      semantic_puppet (~> 1.0)
      win32-dir (= 0.4.9)
      win32-process (= 0.7.5)
      win32-security (= 0.2.5)
      win32-service (= 0.8.8)
    puppet (6.1.0-x86-mingw32)
      facter (> 2.0.1, < 4)
      fast_gettext (~> 1.1.2)
      ffi (~> 1.9.25)
      hiera (>= 3.2.1, < 4)
      httpclient (~> 2.8)
      locale (~> 2.1)
      minitar (~> 0.6.1)
      multi_json (~> 1.10)
      puppet-resource_api (~> 1.5)
      semantic_puppet (~> 1.0)
      win32-dir (= 0.4.9)
      win32-process (= 0.7.5)
      win32-security (= 0.2.5)
      win32-service (= 0.8.8)
    puppet-resource_api (1.6.2)
      hocon (>= 1.0)
    puppet-strings (2.1.0)
      rgen
      yard (~> 0.9.5)
    rdoc (6.1.1)
    rgen (0.8.2)
    semantic_puppet (1.0.2)
    win32-dir (0.4.9)
      ffi (>= 1.0.0)
    win32-process (0.7.5)
      ffi (>= 1.0.0)
    win32-security (0.2.5)
      ffi
    win32-service (0.8.8)
      ffi
    yard (0.9.16)

PLATFORMS
  x64-mingw32
  x86-mingw32

DEPENDENCIES
  puppet
  puppet-strings
  rdoc
  yard

BUNDLED WITH
   2.0.1
